GEM
  remote: https://rubygems.org/
  specs:
    ast (2.4.2)
    bencode (0.8.2)
    byebug (11.1.3)
    concurrent-ruby (1.1.9)
    faker (2.19.0)
      i18n (>= 1.6, < 2)
    i18n (1.8.11)
      concurrent-ruby (~> 1.0)
    lucky_case (1.1.0)
    minitest (5.14.4)
    parallel (1.21.0)
    parser (3.0.3.1)
      ast (~> 2.4.1)
    rainbow (3.0.0)
    rake (13.0.6)
    regexp_parser (2.2.0)
    rexml (3.2.5)
    rubocop (1.23.0)
      parallel (~> 1.10)
      parser (>= 3.0.0.0)
      rainbow (>= 2.2.2, < 4.0)
      regexp_parser (>= 1.8, < 3.0)
      rexml
      rubocop-ast (>= 1.12.0, < 2.0)
      ruby-progressbar (~> 1.7)
      unicode-display_width (>= 1.4.0, < 3.0)
    rubocop-ast (1.14.0)
      parser (>= 3.0.1.1)
    ruby-progressbar (1.11.0)
    semantic (1.6.1)
    sequel (5.51.0)
    sqlite3 (1.4.2)
    unicode-display_width (2.1.0)

PLATFORMS
  ruby

DEPENDENCIES
  bencode
  byebug
  faker
  lucky_case
  minitest
  rake
  rubocop
  semantic
  sequel
  sqlite3

BUNDLED WITH
   2.1.4
